PATH
  remote: .
  specs:
    integral-slug_generator (0.1.0)
      cyrillizer

GEM
  remote: https://rubygems.org/
  specs:
    cyrillizer (0.2.3)
    diff-lcs (1.3)
    rake (13.0.0)
    rspec (3.9.0)
      rspec-core (~> 3.9.0)
      rspec-expectations (~> 3.9.0)
      rspec-mocks (~> 3.9.0)
    rspec-core (3.9.0)
      rspec-support (~> 3.9.0)
    rspec-expectations (3.9.0)
      diff-lcs (>= 1.2.0, < 2.0)
      rspec-support (~> 3.9.0)
    rspec-mocks (3.9.0)
      diff-lcs (>= 1.2.0, < 2.0)
      rspec-support (~> 3.9.0)
    rspec-support (3.9.0)

PLATFORMS
  ruby

DEPENDENCIES
  bundler
  integral-slug_generator!
  rake
  rspec

BUNDLED WITH
   2.0.2
